PATH
  remote: .
  specs:
    Basketball_Simulator (0.1.0)
      nokogiri

GEM
  remote: https://rubygems.org/
  specs:
    coderay (1.1.2)
    method_source (0.9.0)
    mini_portile2 (2.8.0)
    nokogiri (1.13.4)
      mini_portile2 (~> 2.8.0)
      racc (~> 1.4)
    nokogiri (1.13.4-x64-mingw32)
      racc (~> 1.4)
    pry (0.11.3)
      coderay (~> 1.1.0)
      method_source (~> 0.9.0)
    racc (1.6.0)
    rake (10.5.0)

PLATFORMS
  ruby
  x64-mingw32

DEPENDENCIES
  Basketball_Simulator!
  bundler (~> 1.16)
  pry
  rake (~> 10.0)

BUNDLED WITH
   1.16.2
